GEM
  remote: https://rubygems.org/
  specs:
    addressable (2.8.4)
      public_suffix (>= 2.0.2, < 6.0)
    async (1.31.0)
      console (~> 1.10)
      nio4r (~> 2.3)
      timers (~> 4.1)
    console (1.17.2)
      fiber-annotation
      fiber-local
    excon (0.90.0)
    fiber-annotation (0.2.0)
    fiber-local (1.0.0)
    httpclient (2.8.3)
    nio4r (2.5.9)
    public_suffix (5.0.1)
    sqlite3 (1.6.3-arm64-darwin)
    timers (4.3.5)

PLATFORMS
  arm64-darwin-21

DEPENDENCIES
  addressable (~> 2.8)
  async (~> 1.31)
  excon (~> 0.90.0)
  httpclient (~> 2.8)
  sqlite3 (~> 1.6)

BUNDLED WITH
   2.4.13
